GEM
  remote: https://rubygems.org/
  specs:
    rack (1.5.2)
    sequel (4.5.0)
    shotgun (0.9)
      rack (>= 1.0)
    sqlite3 (1.3.8)

PLATFORMS
  ruby

DEPENDENCIES
  sequel
  shotgun
  sqlite3
